GEM
  remote: http://rubygems.org/
  specs:
    eventmachine (1.2.5)
    faraday (0.12.2)
      multipart-post (>= 1.2, < 3)
    faraday_middleware (0.12.2)
      faraday (>= 0.7.4, < 1.0)
    faye-websocket (0.10.7)
      eventmachine (>= 0.12.0)
      websocket-driver (>= 0.5.1)
    gli (2.16.0)
    json (2.1.0)
    logger (1.2.8)
    multipart-post (2.0.0)
    slack-ruby-client (0.5.4)
      faraday
      faraday_middleware
      gli
      json
      websocket-driver
    websocket-driver (0.6.5)
      websocket-extensions (>= 0.1.0)
    websocket-extensions (0.1.2)

PLATFORMS
  ruby

DEPENDENCIES
  eventmachine
  faye-websocket (~> 0.10.2)
  logger
  slack-ruby-client (~> 0.5.3)

RUBY VERSION
   ruby 2.4.1p111

BUNDLED WITH
   1.15.3
